PATH
  remote: .
  specs:
    database_cleaner-active_record (1.8.0)
      activerecord
      database_cleaner (~> 1.8.0)

GEM
  remote: https://rubygems.org/
  specs:
    activerecord (3.2.14)
    activerecord-mysql2-adapter (0.0.3)
      mysql2
    activesupport (3.0.20)
    arel (1.0.1)
      activesupport (~> 3.0.0)
    byebug (10.0.2)
    database_cleaner (1.8.0)
    diff-lcs (1.3)
    i18n (0.4.2)
    mysql (2.9.1)
    mysql2 (0.3.18)
    pg (0.18.2)
    rake (10.5.0)
    rspec (3.9.0)
      rspec-core (~> 3.9.0)
      rspec-expectations (~> 3.9.0)
      rspec-mocks (~> 3.9.0)
    rspec-core (3.9.1)
      rspec-support (~> 3.9.1)
    rspec-expectations (3.9.0)
      diff-lcs (>= 1.2.0, < 2.0)
      rspec-support (~> 3.9.0)
    rspec-mocks (3.9.1)
      diff-lcs (>= 1.2.0, < 2.0)
      rspec-support (~> 3.9.0)
    rspec-support (3.9.2)
    sqlite3 (1.3.10)

PLATFORMS
  ruby

DEPENDENCIES
  activerecord (= 3.2.14)
  activerecord-mysql2-adapter
  arel (= 1.0.1)
  bundler (~> 1.16)
  byebug
  database_cleaner-active_record!
  i18n (= 0.4.2)
  mysql (~> 2.9.1)
  mysql2 (= 0.3.18)
  pg (= 0.18.2)
  rake (~> 10.0)
  rspec (~> 3.0)
  sqlite3 (= 1.3.10)

BUNDLED WITH
   1.17.3
