PATH
  remote: ../..
  specs:
    database_cleaner (1.99.0)

PATH
  remote: .
  specs:
    database_cleaner-active_record (1.99.0)
      activerecord (= 4.2.11.1)
      database_cleaner (~> 1.99.0)

GEM
  remote: https://rubygems.org/
  specs:
    activemodel (4.2.11.1)
      activesupport (= 4.2.11.1)
      builder (~> 3.1)
    activerecord (4.2.11.1)
      activemodel (= 4.2.11.1)
      activesupport (= 4.2.11.1)
      arel (~> 6.0)
    activesupport (4.2.11.1)
      i18n (~> 0.7)
      minitest (~> 5.1)
      thread_safe (~> 0.3, >= 0.3.4)
      tzinfo (~> 1.1)
    arel (6.0.4)
    bigdecimal (1.3.5)
    builder (3.2.4)
    concurrent-ruby (1.2.3)
    diff-lcs (1.5.1)
    i18n (0.9.5)
      concurrent-ruby (~> 1.0)
    minitest (5.22.3)
    pg (0.21.0)
    rake (10.5.0)
    rspec (3.13.0)
      rspec-core (~> 3.13.0)
      rspec-expectations (~> 3.13.0)
      rspec-mocks (~> 3.13.0)
    rspec-core (3.13.0)
      rspec-support (~> 3.13.0)
    rspec-expectations (3.13.0)
      diff-lcs (>= 1.2.0, < 2.0)
      rspec-support (~> 3.13.0)
    rspec-mocks (3.13.0)
      diff-lcs (>= 1.2.0, < 2.0)
      rspec-support (~> 3.13.0)
    rspec-support (3.13.1)
    thread_safe (0.3.6)
    tzinfo (1.2.11)
      thread_safe (~> 0.1)

PLATFORMS
  ruby

DEPENDENCIES
  bigdecimal (= 1.3.5)
  bundler (~> 1.16)
  database_cleaner!
  database_cleaner-active_record!
  pg (= 0.21.0)
  rake (~> 10.0)
  rspec (~> 3.0)

BUNDLED WITH
   1.17.3
